GIT
  remote: git://github.com/dedico/ace-rails-ap.git
  revision: 7c42a42161d126b5271bfde813129219e997a879
  specs:
    ace-rails-ap (2.0.0)

GIT
  remote: git://github.com/demiazz/jquery-fileupload-rails.git
  revision: 9524ff75e42551ea84cf4aec6210640dddfc000d
  specs:
    jquery-fileupload-rails (0.4.1)
      actionpack (>= 3.1)
      railties (>= 3.1)

GEM
  remote: https://rubygems.org/
  specs:
    actionmailer (4.0.3)
      actionpack (= 4.0.3)
      mail (~> 2.5.4)
    actionpack (4.0.3)
      activesupport (= 4.0.3)
      builder (~> 3.1.0)
      erubis (~> 2.7.0)
      rack (~> 1.5.2)
      rack-test (~> 0.6.2)
    activemodel (4.0.3)
      activesupport (= 4.0.3)
      builder (~> 3.1.0)
    activerecord (4.0.3)
      activemodel (= 4.0.3)
      activerecord-deprecated_finders (~> 1.0.2)
      activesupport (= 4.0.3)
      arel (~> 4.0.0)
    activerecord-deprecated_finders (1.0.3)
    activesupport (4.0.3)
      i18n (~> 0.6, >= 0.6.4)
      minitest (~> 4.2)
      multi_json (~> 1.3)
      thread_safe (~> 0.1)
      tzinfo (~> 0.3.37)
    addressable (2.3.5)
    arel (4.0.2)
    ast (1.1.0)
    atomic (1.1.14)
    backbone-on-rails (1.1.0.0)
      eco
      ejs
      jquery-rails
      rails (>= 3.1)
    builder (3.1.4)
    capybara (2.2.1)
      mime-types (>= 1.16)
      nokogiri (>= 1.3.3)
      rack (>= 1.0.0)
      rack-test (>= 0.5.4)
      xpath (~> 2.0)
    childprocess (0.4.0)
      ffi (~> 1.0, >= 1.0.11)
    cliver (0.3.2)
    coffee-rails (4.0.1)
      coffee-script (>= 2.2.0)
      railties (>= 4.0.0, < 5.0)
    coffee-script (2.2.0)
      coffee-script-source
      execjs
    coffee-script-source (1.6.3)
    commands (0.2.1)
      rails (>= 3.2.0)
    coveralls (0.7.0)
      multi_json (~> 1.3)
      rest-client
      simplecov (>= 0.7)
      term-ansicolor
      thor
    database_rewinder (0.0.2)
    diff-lcs (1.2.5)
    dino (0.11.2)
      serialport
    docile (1.1.2)
    dxruby (1.4.0)
    dxruby_sdl (0.0.10)
      rsdl
      rubysdl
    eco (1.0.0)
      coffee-script
      eco-source
      execjs
    eco-source (1.1.0.rc.1)
    ejs (1.1.1)
    erubis (2.7.0)
    execjs (2.0.2)
    ffi (1.9.3)
    ffi (1.9.3-x86-mingw32)
    flatstrap-sass (2.3.1.0)
      font-awesome-rails (~> 3.0.2.0)
      sass (~> 3.2)
    font-awesome-rails (3.0.2.0)
      railties (>= 3.1)
    gherkin (2.12.2)
      multi_json (~> 1.3)
    gherkin (2.12.2-x86-mingw32)
      multi_json (~> 1.3)
    haml (4.0.5)
      tilt
    haml-rails (0.5.3)
      actionpack (>= 4.0.1)
      activesupport (>= 4.0.1)
      haml (>= 3.1, < 5.0)
      railties (>= 4.0.1)
    hike (1.2.3)
    i18n (0.6.9)
    jbuilder (2.0.2)
      activesupport (>= 3.0.0)
      multi_json (>= 1.2.0)
    jquery-rails (3.0.4)
      railties (>= 3.0, < 5.0)
      thor (>= 0.14, < 2.0)
    jquery-ui-rails (4.1.1)
      railties (>= 3.1.0)
    json (1.8.1)
    json_spec (1.1.1)
      multi_json (~> 1.0)
      rspec (~> 2.0)
    kgio (2.8.1)
    launchy (2.4.2)
      addressable (~> 2.3)
    mail (2.5.4)
      mime-types (~> 1.16)
      treetop (~> 1.4.8)
    mime-types (1.25.1)
    mini_portile (0.5.2)
    minitest (4.7.5)
    multi_json (1.8.4)
    mysql2 (0.3.14)
    nokogiri (1.6.1)
      mini_portile (~> 0.5.0)
    nokogiri (1.6.1-x86-mingw32)
      mini_portile (~> 0.5.0)
    parser (2.1.4)
      ast (~> 1.1)
      slop (~> 3.4, >= 3.4.5)
    poltergeist (1.5.0)
      capybara (~> 2.1)
      cliver (~> 0.3.1)
      multi_json (~> 1.0)
      websocket-driver (>= 0.2.0)
    polyglot (0.3.4)
    powerpack (0.0.9)
    rack (1.5.2)
    rack-test (0.6.2)
      rack (>= 1.0)
    rails (4.0.3)
      actionmailer (= 4.0.3)
      actionpack (= 4.0.3)
      activerecord (= 4.0.3)
      activesupport (= 4.0.3)
      bundler (>= 1.3.0, < 2.0)
      railties (= 4.0.3)
      sprockets-rails (~> 2.0.0)
    rails_12factor (0.0.2)
      rails_serve_static_assets
      rails_stdout_logging
    rails_serve_static_assets (0.0.2)
    rails_stdout_logging (0.0.3)
    railties (4.0.3)
      actionpack (= 4.0.3)
      activesupport (= 4.0.3)
      rake (>= 0.8.7)
      thor (>= 0.18.1, < 2.0)
    rainbow (1.99.1)
    raindrops (0.12.0)
    rake (10.1.1)
    rdoc (4.1.1)
      json (~> 1.4)
    rest-client (1.6.7)
      mime-types (>= 1.16)
    rsdl (0.1.4)
    rspec (2.14.1)
      rspec-core (~> 2.14.0)
      rspec-expectations (~> 2.14.0)
      rspec-mocks (~> 2.14.0)
    rspec-core (2.14.7)
    rspec-expectations (2.14.4)
      diff-lcs (>= 1.1.3, < 2.0)
    rspec-mocks (2.14.4)
    rspec-rails (2.14.1)
      actionpack (>= 3.0)
      activemodel (>= 3.0)
      activesupport (>= 3.0)
      railties (>= 3.0)
      rspec-core (~> 2.14.0)
      rspec-expectations (~> 2.14.0)
      rspec-mocks (~> 2.14.0)
    rubocop (0.16.0)
      parser (~> 2.1)
      powerpack (~> 0.0.6)
      rainbow (>= 1.1.4)
    rubysdl (2.1.3.1)
    rubyzip (1.1.0)
    sass (3.2.13)
    sass-rails (4.0.1)
      railties (>= 4.0.0, < 5.0)
      sass (>= 3.1.10)
      sprockets-rails (~> 2.0.0)
    sdoc (0.4.0)
      json (~> 1.8)
      rdoc (~> 4.0, < 5.0)
    selenium-webdriver (2.39.0)
      childprocess (>= 0.2.5)
      multi_json (~> 1.0)
      rubyzip (~> 1.0)
      websocket (~> 1.0.4)
    serialport (1.3.0)
    shared-mime-info (0.2.5)
    shoulda-matchers (2.5.0)
      activesupport (>= 3.0.0)
    simplecov (0.8.2)
      docile (~> 1.1.0)
      multi_json
      simplecov-html (~> 0.8.0)
    simplecov-html (0.8.0)
    slop (3.4.7)
    smalruby (0.0.27)
      activesupport
      dino (~> 0.11.2)
      dxruby_sdl (~> 0.0.10)
      mime-types (~> 1.6)
    smalruby (0.0.27-x86-mingw32)
      activesupport
      dino (~> 0.11.2)
      dxruby (= 1.4.0)
      mime-types (~> 1.6)
    spork (1.0.0rc4)
    spork (1.0.0rc4-x86-mingw32)
      win32-process
    spork-rails (4.0.0)
      rails (>= 3.0.0, < 5)
      spork (>= 1.0rc0)
    sprockets (2.10.1)
      hike (~> 1.2)
      multi_json (~> 1.0)
      rack (~> 1.0)
      tilt (~> 1.1, != 1.3.0)
    sprockets-rails (2.0.1)
      actionpack (>= 3.0)
      activesupport (>= 3.0)
      sprockets (~> 2.8)
    sqlite3 (1.3.8)
    sqlite3 (1.3.8-x86-mingw32)
    teaspoon (0.7.9)
      railties (>= 3.2.5, < 5)
    term-ansicolor (1.2.2)
      tins (~> 0.8)
    thor (0.18.1)
    thread_safe (0.1.3)
      atomic
    tilt (1.4.1)
    tins (0.13.1)
    treetop (1.4.15)
      polyglot
      polyglot (>= 0.3.1)
    turbolinks (2.2.0)
      coffee-rails
    turnip (1.1.0)
      gherkin (>= 2.5)
      rspec (~> 2.0)
    tzinfo (0.3.38)
    uglifier (2.4.0)
      execjs (>= 0.3.0)
      json (>= 1.8.0)
    unicorn (4.8.0)
      kgio (~> 2.6)
      rack
      raindrops (~> 0.7)
    websocket (1.0.7)
    websocket-driver (0.3.2)
    win32-process (0.7.4)
      ffi (>= 1.0.0)
    xpath (2.0.0)
      nokogiri (~> 1.3)

PLATFORMS
  ruby

DEPENDENCIES
  ace-rails-ap!
  backbone-on-rails
  capybara
  coffee-rails (~> 4.0.0)
  commands
  coveralls
  database_rewinder
  flatstrap-sass
  haml-rails
  jbuilder (~> 2.0)
  jquery-fileupload-rails!
  jquery-rails
  jquery-ui-rails
  json_spec
  launchy
  mysql2
  poltergeist
  rails (= 4.0.3)
  rails_12factor
  rspec-rails
  rubocop
  sass-rails (~> 4.0.0)
  sdoc
  selenium-webdriver
  shared-mime-info
  shoulda-matchers
  smalruby (~> 0.0.27)
  spork-rails
  sqlite3
  teaspoon
  turbolinks
  turnip
  uglifier (>= 1.3.0)
  unicorn
